PATH
  remote: .
  specs:
    test_foo (0.0.1)
      aws-sdk
      json
      shotgun
      sinatra

GEM
  remote: https://rubygems.org/
  specs:
    aws-sdk (1.10.0)
      json (~> 1.4)
      nokogiri (>= 1.4.4)
      uuidtools (~> 2.1)
    builder (3.2.0)
    fakes3 (0.1.5)
      builder
      thor
    json (1.5.5)
    nokogiri (1.5.9)
    rack (1.5.2)
    rack-protection (1.5.0)
      rack
    shotgun (0.9)
      rack (>= 1.0)
    sinatra (1.4.2)
      rack (~> 1.5, >= 1.5.2)
      rack-protection (~> 1.4)
      tilt (~> 1.3, >= 1.3.4)
    thor (0.18.1)
    tilt (1.4.1)
    uuidtools (2.1.4)

PLATFORMS
  ruby

DEPENDENCIES
  fakes3
  test_foo!
