PATH
  remote: .
  specs:
    eq_ocr (0.0.1)
      aws-s3
      fakes3
      json
      mongo
      rice
      shotgun
      sinatra

GEM
  remote: https://rubygems.org/
  specs:
    aws-s3 (0.6.3)
      builder
      mime-types
      xml-simple
    bson (1.8.6)
    builder (3.2.0)
    fakes3 (0.1.5)
      builder
      thor
    json (1.8.0)
    mime-types (1.23)
    mongo (1.8.6)
      bson (~> 1.8.6)
    rack (1.5.2)
    rack-protection (1.5.0)
      rack
    rice (1.5.1)
    shotgun (0.9)
      rack (>= 1.0)
    sinatra (1.4.2)
      rack (~> 1.5, >= 1.5.2)
      rack-protection (~> 1.4)
      tilt (~> 1.3, >= 1.3.4)
    thor (0.18.1)
    tilt (1.4.1)
    xml-simple (1.1.2)

PLATFORMS
  ruby

DEPENDENCIES
  eq_ocr!
